GEM
  remote: https://rubygems.org/
  specs:
    msgpack (1.7.5)
    multi_json (1.15.0)
    neovim (0.10.0)
      msgpack (~> 1.1)
      multi_json (~> 1.0)

PLATFORMS
  arm64-darwin-23
  ruby

DEPENDENCIES
  neovim (~> 0.10.0)

BUNDLED WITH
   2.5.22
